PATH
  remote: .
  specs:
    top-universities (0.1.0)

GEM
  remote: https://rubygems.org/
  specs:
    rake (12.3.3)

PLATFORMS
  ruby

DEPENDENCIES
  bundler (~> 2.0)
  rake (~> 12.3)
  top-universities!

BUNDLED WITH
   2.0.1
